GEM
  remote: http://rubygems.org/
  specs:
    activemodel (3.1.3)
      activesupport (= 3.1.3)
      builder (~> 3.0.0)
      i18n (~> 0.6)
    activesupport (3.1.3)
      multi_json (~> 1.0)
    awesome_print (1.0.1)
    builder (3.0.0)
    colorize (0.5.8)
    diff-lcs (1.1.3)
    hirb (0.6.0)
    i18n (0.6.0)
    macaddr (1.5.0)
      systemu (>= 2.4.0)
    multi_json (1.0.4)
    rack (1.4.1)
    rack-protection (1.2.0)
      rack
    rake (0.8.7)
    remarkable (4.0.0.alpha4)
      rspec (>= 2.0.0.alpha11)
    remarkable_activemodel (4.0.0.alpha4)
      remarkable (~> 4.0.0.alpha4)
      rspec (>= 2.0.0.alpha11)
    rspec (2.8.0)
      rspec-core (~> 2.8.0)
      rspec-expectations (~> 2.8.0)
      rspec-mocks (~> 2.8.0)
    rspec-core (2.8.0)
    rspec-expectations (2.8.0)
      diff-lcs (~> 1.1.2)
    rspec-mocks (2.8.0)
    sinatra (1.3.2)
      rack (~> 1.3, >= 1.3.6)
      rack-protection (~> 1.2)
      tilt (~> 1.3, >= 1.3.3)
    systemu (2.4.2)
    tilt (1.3.3)
    uuid (2.3.4)
      macaddr (~> 1.0)
    wirb (0.4.1)
    wirble (0.1.3)

PLATFORMS
  ruby

DEPENDENCIES
  activemodel (~> 3.1.0)
  activesupport (~> 3.1.3)
  awesome_print (= 1.0.1)
  colorize (~> 0.5.8)
  hirb (~> 0.6.0)
  i18n (~> 0.6.0)
  rake (~> 0.8.7)
  remarkable_activemodel (>= 4.0.0.alpha2)
  rspec (~> 2.7)
  sinatra
  uuid (~> 2.3.4)
  wirb (~> 0.4.1)
  wirble (~> 0.1.3)
